GEM
  remote: http://rubygems.org/
  specs:
    dandelion (0.3.9)
      grit (>= 2.4.1)
    diff-lcs (1.1.3)
    grit (2.5.0)
      diff-lcs (~> 1.1)
      mime-types (~> 1.15)
      posix-spawn (~> 0.3.6)
    mime-types (1.19)
    net-sftp (2.0.5)
      net-ssh (>= 2.0.9)
    net-ssh (2.6.2)
    posix-spawn (0.3.6)

PLATFORMS
  ruby

DEPENDENCIES
  dandelion
  net-sftp
